GEM
  remote: https://rubygems.org/
  specs:
    bcrypt (3.1.11)

PLATFORMS
  ruby

DEPENDENCIES
  bcrypt (= 3.1.11)

BUNDLED WITH
   2.1.2
